PATH
  remote: .
  specs:
    meditations (1.1.0)

GEM
  remote: https://rubygems.org/
  specs:
    rake (13.1.0)

PLATFORMS
  ruby

DEPENDENCIES
  bundler (~> 2.5.7)
  meditations!
  rake (~> 13.1)

BUNDLED WITH
   2.5.7
